GEM
  remote: http://rubygems.org/
  specs:
    activemodel (3.1.0.rc5)
      activesupport (= 3.1.0.rc5)
      bcrypt-ruby (~> 2.1.4)
      builder (~> 3.0.0)
      i18n (~> 0.6)
    activeresource (3.1.0.rc5)
      activemodel (= 3.1.0.rc5)
      activesupport (= 3.1.0.rc5)
    activesupport (3.1.0.rc5)
      multi_json (~> 1.0)
    bcrypt-ruby (2.1.4)
    builder (3.0.0)
    diff-lcs (1.1.2)
    factory_girl (2.2.0)
      activesupport
    faker (1.0.1)
      i18n (~> 0.4)
    fakeweb (1.3.0)
    fuubar (0.0.6)
      rspec (~> 2.0)
      rspec-instafail (~> 0.1.8)
      ruby-progressbar (~> 0.0.10)
    growl (1.0.3)
    guard (0.8.7)
      thor (~> 0.14.6)
    guard-rspec (0.5.0)
      guard (>= 0.8.4)
    i18n (0.6.0)
    multi_json (1.0.3)
    rake (0.9.2)
    rb-fsevent (0.4.3.1)
    rspec (2.6.0)
      rspec-core (~> 2.6.0)
      rspec-expectations (~> 2.6.0)
      rspec-mocks (~> 2.6.0)
    rspec-core (2.6.4)
    rspec-expectations (2.6.0)
      diff-lcs (~> 1.1.2)
    rspec-instafail (0.1.8)
    rspec-mocks (2.6.0)
    ruby-progressbar (0.0.10)
    thor (0.14.6)

PLATFORMS
  ruby

DEPENDENCIES
  activeresource (>= 2.3.4)
  factory_girl (~> 2.2.0)
  faker (~> 1.0.1)
  fakeweb (~> 1.3.0)
  fuubar (~> 0.0.6)
  growl (~> 1.0.3)
  guard-rspec (~> 0.5.0)
  rake (~> 0.9.2)
  rb-fsevent (~> 0.4.2)
  rspec (~> 2.6.0)
